GIT
  remote: https://github.com/coinbase/temporal-ruby.git
  revision: 0d3a8bb9037d4b736172b8afcbe6dbe65edb7cf8
  specs:
    temporal-ruby (0.1.1)
      base64
      grpc
      oj

PATH
  remote: .
  specs:
    ruby_connectors (0.1.0)

GEM
  remote: https://rubygems.org/
  specs:
    activesupport (7.2.0)
      base64
      bigdecimal
      concurrent-ruby (~> 1.0, >= 1.3.1)
      connection_pool (>= 2.2.5)
      drb
      i18n (>= 1.6, < 2)
      logger (>= 1.4.2)
      minitest (>= 5.1)
      securerandom (>= 0.3)
      tzinfo (~> 2.0, >= 2.0.5)
    addressable (2.8.7)
      public_suffix (>= 2.0.2, < 7.0)
    ast (2.4.2)
    base64 (0.2.0)
    bigdecimal (3.1.8)
    byebug (11.1.3)
    concurrent-ruby (1.3.4)
    connection_pool (2.4.1)
    crack (1.0.0)
      bigdecimal
      rexml
    diff-lcs (1.5.1)
    dotenv (3.1.2)
    drb (2.2.1)
    duckdb (1.1.0.1)
      bigdecimal (>= 3.1.4)
    faraday (2.10.1)
      faraday-net_http (>= 2.0, < 3.2)
      logger
    faraday-net_http (3.1.1)
      net-http
    google-protobuf (3.25.4)
    google-protobuf (3.25.4-arm64-darwin)
    googleapis-common-protos-types (1.15.0)
      google-protobuf (>= 3.18, < 5.a)
    grpc (1.65.2)
      google-protobuf (>= 3.25, < 5.0)
      googleapis-common-protos-types (~> 1.0)
    grpc (1.65.2-arm64-darwin)
      google-protobuf (>= 3.25, < 5.0)
      googleapis-common-protos-types (~> 1.0)
    hashdiff (1.1.1)
    i18n (1.14.5)
      concurrent-ruby (~> 1.0)
    json (2.7.2)
    json-schema (5.0.0)
      addressable (~> 2.8)
    language_server-protocol (3.17.0.3)
    logger (1.6.0)
    minitest (5.24.1)
    net-http (0.4.1)
      uri
    octokit (9.1.0)
      faraday (>= 1, < 3)
      sawyer (~> 0.9)
    oj (3.16.5)
      bigdecimal (>= 3.0)
      ostruct (>= 0.2)
    ostruct (0.6.0)
    parallel (1.25.1)
    parser (3.3.4.0)
      ast (~> 2.4.1)
      racc
    pg (1.5.7)
    public_suffix (6.0.1)
    racc (1.8.1)
    rainbow (3.1.1)
    rake (13.2.1)
    regexp_parser (2.9.2)
    rexml (3.3.2)
      strscan
    rspec (3.13.0)
      rspec-core (~> 3.13.0)
      rspec-expectations (~> 3.13.0)
      rspec-mocks (~> 3.13.0)
    rspec-core (3.13.0)
      rspec-support (~> 3.13.0)
    rspec-expectations (3.13.1)
      diff-lcs (>= 1.2.0, < 2.0)
      rspec-support (~> 3.13.0)
    rspec-mocks (3.13.1)
      diff-lcs (>= 1.2.0, < 2.0)
      rspec-support (~> 3.13.0)
    rspec-support (3.13.1)
    rubocop (1.65.0)
      json (~> 2.3)
      language_server-protocol (>= 3.17.0)
      parallel (~> 1.10)
      parser (>= 3.3.0.2)
      rainbow (>= 2.2.2, < 4.0)
      regexp_parser (>= 2.4, < 3.0)
      rexml (>= 3.2.5, < 4.0)
      rubocop-ast (>= 1.31.1, < 2.0)
      ruby-progressbar (~> 1.7)
      unicode-display_width (>= 2.4.0, < 3.0)
    rubocop-ast (1.31.3)
      parser (>= 3.3.1.0)
    ruby-progressbar (1.13.0)
    sawyer (0.9.2)
      addressable (>= 2.3.5)
      faraday (>= 0.17.3, < 3)
    securerandom (0.3.1)
    sequel (5.83.1)
      bigdecimal
    strscan (3.1.0)
    tzinfo (2.0.6)
      concurrent-ruby (~> 1.0)
    unicode-display_width (2.5.0)
    uri (0.13.0)
    vcr (6.2.0)
    webmock (3.23.1)
      addressable (>= 2.8.0)
      crack (>= 0.3.2)
      hashdiff (>= 0.4.0, < 2.0.0)

PLATFORMS
  arm64-darwin-23
  ruby

DEPENDENCIES
  activesupport
  byebug
  dotenv
  duckdb
  google-protobuf (~> 3.19)
  json-schema
  octokit
  pg
  rake (~> 13.0)
  rspec (~> 3.0)
  rubocop (~> 1.21)
  ruby_connectors!
  sequel
  temporal-ruby!
  vcr
  webmock

BUNDLED WITH
   2.5.11
